GIT
  remote: http://github.com/cucumber/aruba.git
  revision: 4ea8e3e7cf590c35536b1d91c80d4d3aee342905
  tag: v0.7.4
  specs:
    aruba (0.7.4)
      childprocess (>= 0.3.6)
      cucumber (>= 1.1.1)
      rspec-expectations (>= 2.7.0)

GEM
  remote: https://rubygems.org/
  specs:
    builder (3.2.2)
    childprocess (1.0.1)
      rake (< 13.0)
    cucumber (1.3.19)
      builder (>= 2.1.2)
      diff-lcs (>= 1.1.3)
      gherkin (~> 2.12)
      multi_json (>= 1.7.5, < 2.0)
      multi_test (>= 0.1.2)
    diff-lcs (1.2.5)
    gherkin (2.12.2)
      multi_json (~> 1.3)
    gherkin (2.12.2-x86-mingw32)
      multi_json (~> 1.3)
    multi_json (1.11.0)
    multi_test (0.1.2)
    rake (12.3.2)
    rspec-expectations (3.8.2)
      diff-lcs (>= 1.2.0, < 2.0)
      rspec-support (~> 3.8.0)
    rspec-support (3.8.0)

PLATFORMS
  ruby
  x86-mingw32

DEPENDENCIES
  aruba!
  cucumber

BUNDLED WITH
   2.0.1
